GEM
  remote: https://rubygems.org/
  specs:
    cron-spec (0.1.2)
    mysql2 (0.4.2)
    perfectqueue (0.8.45)
      sequel (~> 3.48.0)
    perfectsched (0.8.10)
      cron-spec (>= 0.1.2, <= 0.1.2)
      perfectqueue (~> 0.8.41)
      sequel (~> 3.48.0)
      tzinfo (~> 1.1)
    sequel (3.48.0)
    sqlite3 (1.3.9)
    thread_safe (0.3.5)
    tzinfo (1.2.2)
      thread_safe (~> 0.1)

PLATFORMS
  ruby

DEPENDENCIES
  mysql2
  perfectqueue
  perfectsched
  sqlite3

BUNDLED WITH
   1.10.6
