GEM
  remote: https://rubygems.org/
  specs:
    cron-spec (0.1.2)
    perfectqueue (0.8.45)
      sequel (~> 3.48.0)
    perfectsched (0.8.10)
      cron-spec (>= 0.1.2, <= 0.1.2)
      perfectqueue (~> 0.8.41)
      sequel (~> 3.48.0)
      tzinfo (~> 1.1)
    sequel (3.48.0)
    thread_safe (0.3.5)
    tzinfo (1.2.2)
      thread_safe (~> 0.1)

PLATFORMS
  ruby

DEPENDENCIES
  perfectsched

BUNDLED WITH
   1.10.6
